GEM
  remote: https://rubygems.org/
  specs:
    axiom-types (0.1.1)
      descendants_tracker (~> 0.0.4)
      ice_nine (~> 0.11.0)
      thread_safe (~> 0.3, >= 0.3.1)
    citybikes_api (2.0.1)
      httparty (~> 0.13)
    coercible (1.0.0)
      descendants_tracker (~> 0.0.1)
    descendants_tracker (0.0.4)
      thread_safe (~> 0.3, >= 0.3.1)
    equalizer (0.0.11)
    faraday (0.15.4)
      multipart-post (>= 1.2, < 3)
    gemoji (3.0.1)
    httparty (0.21.0)
      mini_mime (>= 1.0.0)
      multi_xml (>= 0.5.2)
    ice_nine (0.11.2)
    inflecto (0.0.2)
    metaclass (0.0.4)
    mini_mime (1.1.2)
    mocha (1.2.1)
      metaclass (~> 0.0.1)
    multi_xml (0.6.0)
    multipart-post (2.1.1)
    power_assert (0.4.1)
    telegram-bot-ruby (0.11.0)
      faraday
      inflecto
      virtus
    test-unit (3.2.3)
      power_assert
    thread_safe (0.3.6)
    virtus (1.0.5)
      axiom-types (~> 0.1)
      coercible (~> 1.0)
      descendants_tracker (~> 0.0, >= 0.0.3)
      equalizer (~> 0.0, >= 0.0.9)

PLATFORMS
  ruby

DEPENDENCIES
  citybikes_api (~> 2.0, >= 2.0.1)
  gemoji
  mocha
  telegram-bot-ruby (~> 0.11.0)
  test-unit

RUBY VERSION
   ruby 2.7.0p0

BUNDLED WITH
   2.1.4
